PATH
  remote: .
  specs:
    oliver (1.5.2.1)
      jibry (>= 0.0.3)
      rainbow (>= 2.0.0)

GEM
  remote: https://rubygems.org/
  specs:
    jibry (0.0.3)
    rainbow (2.0.0)
    rake (10.3.2)

PLATFORMS
  ruby

DEPENDENCIES
  bundler (~> 1.6)
  oliver!
  rake
