PATH
  remote: .
  specs:
    oliver (0.0.1)
      jibry (>= 0.0.1)
      launchy (>= 2.4)
      thor (>= 0.19.0)

GEM
  remote: https://rubygems.org/
  specs:
    addressable (2.3.6)
    jibry (0.0.1)
    launchy (2.4.2)
      addressable (~> 2.3)
    rake (10.3.2)
    thor (0.19.1)

PLATFORMS
  ruby

DEPENDENCIES
  bundler (~> 1.6)
  oliver!
  rake
