PATH
  remote: .
  specs:
    oliver (1.5.5.1)
      rainbow (>= 2.0.0)

GEM
  remote: https://rubygems.org/
  specs:
    rainbow (2.0.0)
    rake (10.3.2)

PLATFORMS
  ruby

DEPENDENCIES
  bundler (~> 1.6)
  oliver!
  rake
