PATH
  remote: .
  specs:
    oliver (1.5.4.1)
      rainbow (>= 2.0.0)
      require_all (>= 1.3.2)

GEM
  remote: https://rubygems.org/
  specs:
    rainbow (2.0.0)
    rake (10.3.2)
    require_all (1.3.2)

PLATFORMS
  ruby

DEPENDENCIES
  bundler (~> 1.6)
  oliver!
  rake
